NUGET
  remote: https://api.nuget.org/v3/index.json
    Akka (1.3.8) - restriction: >= net461
      Newtonsoft.Json (>= 9.0.1) - restriction: || (>= net45) (>= netstandard1.6)
      System.Collections.Immutable (>= 1.3.1) - restriction: || (>= net45) (>= netstandard1.6)
    Akka.Serialization.Hyperion (1.3.8-beta66) - restriction: >= net461
      Akka (>= 1.3.8-beta66) - restriction: || (>= net45) (>= netstandard1.6)
      Hyperion (>= 0.9.8) - restriction: || (>= net45) (>= netstandard1.6)
    Akka.Streams (1.3.8) - restriction: >= net461
      Akka (>= 1.3.8) - restriction: || (>= net45) (>= netstandard1.6)
      Reactive.Streams (>= 1.0.2) - restriction: || (>= net45) (>= netstandard1.6)
    Akkling (0.9.1) - restriction: >= net461
      Akka (>= 1.3.5) - restriction: || (>= net452) (>= netstandard1.6)
      Akka.Serialization.Hyperion (>= 1.3.5-beta60) - restriction: || (>= net452) (>= netstandard1.6)
      FSharp.Core (>= 4.3.4) - restriction: || (>= net452) (>= netstandard1.6)
    Akkling.Streams (0.9.1) - restriction: >= net461
      Akka (>= 1.3.5) - restriction: || (>= net452) (>= netstandard1.6)
      Akka.Streams (>= 1.3.5) - restriction: || (>= net452) (>= netstandard1.6)
      Akkling (>= 0.9.1) - restriction: || (>= net452) (>= netstandard1.6)
      FSharp.Core (>= 4.3.4) - restriction: || (>= net452) (>= netstandard1.6)
      Reactive.Streams (>= 1.0.2) - restriction: || (>= net452) (>= netstandard1.6)
    Argu (5.1) - restriction: >= net461
      FSharp.Core (>= 4.0.0.1) - restriction: >= net45
    C5 (2.5.3) - restriction: >= net461
    CsvHelper (6.1.1) - restriction: >= net461
    Expecto (8.1.1) - restriction: >= net461
      Argu (>= 5.1) - restriction: || (>= net461) (>= netstandard2.0)
      Mono.Cecil (>= 0.10) - restriction: || (>= net461) (>= netstandard2.0)
    FParsec (1.0.4-RC) - restriction: >= net461
      FSharp.Core (>= 4.0.0.1) - restriction: >= net40
    FSharp.Configuration (1.5)
      FSharp.Core (>= 4.0.0.1)
    FSharp.Core (4.5)
    FsPickler (3.2) - restriction: >= net46
    Hyperion (0.9.8) - restriction: >= net461
    Mono.Cecil (0.10) - restriction: >= net461
    Newtonsoft.Json (11.0.1) - restriction: >= net461
    Reactive.Streams (1.0.2) - restriction: >= net461
    System.Collections.Immutable (1.5) - restriction: >= net461
    System.ValueTuple (4.3.1) - restriction: >= net461
